GEM
  remote: https://rubygems.org/
  specs:
    aws-sdk (1.32.0)
      json (~> 1.4)
      nokogiri (>= 1.4.4)
      uuidtools (~> 2.1)
    blobstore_client (1.2624.0)
      aws-sdk (= 1.32.0)
      bosh_common (~> 1.2624.0)
      fog (~> 1.14.0)
      httpclient (= 2.2.4)
      multi_json (~> 1.1)
      ruby-atmos-pure (~> 1.0.5)
    bosh_cli (1.2624.0)
      blobstore_client (~> 1.2624.0)
      bosh_common (~> 1.2624.0)
      highline (~> 1.6.2)
      httpclient (= 2.2.4)
      json_pure (~> 1.7)
      minitar (~> 0.5.4)
      net-scp (~> 1.1.0)
      net-ssh (>= 2.2.1)
      net-ssh-gateway (~> 1.2.0)
      netaddr (~> 1.5.0)
      progressbar (~> 0.9.0)
      terminal-table (~> 1.4.3)
    bosh_common (1.2624.0)
      semi_semantic (~> 1.1.0)
    builder (3.2.2)
    chef (11.12.8)
      chef-zero (>= 2.0.2, < 2.1)
      diff-lcs (~> 1.2, >= 1.2.4)
      erubis (~> 2.7)
      highline (~> 1.6, >= 1.6.9)
      json (>= 1.4.4, <= 1.8.1)
      mime-types (~> 1.16)
      mixlib-authentication (~> 1.3)
      mixlib-cli (~> 1.4)
      mixlib-config (~> 2.0)
      mixlib-log (~> 1.3)
      mixlib-shellout (~> 1.4)
      net-ssh (~> 2.6)
      net-ssh-multi (~> 1.1)
      ohai (~> 7.0.4)
      pry (~> 0.9)
      rest-client (>= 1.0.4, < 1.7.0)
      yajl-ruby (~> 1.1)
    chef-zero (2.0.2)
      hashie (~> 2.0)
      json
      mixlib-log (~> 1.3)
      rack
    coderay (1.1.0)
    diff-lcs (1.2.5)
    erubis (2.7.0)
    excon (0.25.3)
    fog (1.14.0)
      builder
      excon (~> 0.25.0)
      formatador (~> 0.2.0)
      mime-types
      multi_json (~> 1.0)
      net-scp (~> 1.1)
      net-ssh (>= 2.1.3)
      nokogiri (~> 1.5)
      ruby-hmac
    formatador (0.2.5)
    hashie (2.1.2)
    highline (1.6.21)
    httpclient (2.2.4)
    ipaddress (0.8.0)
    json (1.8.1)
    json_pure (1.8.1)
    knife-solo (0.4.2)
      chef (>= 10.12)
      erubis (~> 2.7.0)
      net-ssh (>= 2.2.2, < 3.0)
    librarian (0.1.2)
      highline
      thor (~> 0.15)
    librarian-chef (0.0.3)
      chef (>= 0.10)
      librarian (~> 0.1.0)
      minitar (>= 0.5.2)
    log4r (1.1.10)
    method_source (0.8.2)
    mime-types (1.25.1)
    mini_portile (0.6.0)
    minitar (0.5.4)
    mixlib-authentication (1.3.0)
      mixlib-log
    mixlib-cli (1.5.0)
    mixlib-config (2.1.0)
    mixlib-log (1.6.0)
    mixlib-shellout (1.4.0)
    multi_json (1.10.1)
    net-scp (1.1.2)
      net-ssh (>= 2.6.5)
    net-ssh (2.9.1)
    net-ssh-gateway (1.2.0)
      net-ssh (>= 2.6.5)
    net-ssh-multi (1.2.0)
      net-ssh (>= 2.6.5)
      net-ssh-gateway (>= 1.2.0)
    netaddr (1.5.0)
    nokogiri (1.6.2.1)
      mini_portile (= 0.6.0)
    ohai (7.0.4)
      ipaddress
      mime-types (~> 1.16)
      mixlib-cli
      mixlib-config (~> 2.0)
      mixlib-log
      mixlib-shellout (~> 1.2)
      systemu (~> 2.5.2)
      yajl-ruby
    progressbar (0.9.2)
    pry (0.10.0)
      coderay (~> 1.1.0)
      method_source (~> 0.8.1)
      slop (~> 3.4)
    rack (1.5.2)
    rest-client (1.6.7)
      mime-types (>= 1.16)
    ruby-atmos-pure (1.0.5)
      log4r (>= 1.1.9)
      ruby-hmac (>= 0.4.0)
    ruby-hmac (0.4.0)
    semi_semantic (1.1.0)
    slop (3.5.0)
    systemu (2.5.2)
    terminal-table (1.4.5)
    thor (0.19.1)
    uuidtools (2.1.4)
    yajl-ruby (1.2.1)

PLATFORMS
  ruby

DEPENDENCIES
  bosh_cli
  knife-solo
  librarian-chef
